GEM
  specs:
    minitest (3.2.0)

PLATFORMS
  ruby

DEPENDENCIES
  minitest
